GEM
  specs:
    addressable (2.8.0)
      public_suffix (>= 2.0.2, < 5.0)
    concurrent-ruby (1.1.9)
    down (5.2.2)
      addressable (~> 2.5)
    nokogiri (1.11.7-x86_64-linux)
      racc (~> 1.4)
    public_suffix (4.0.6)
    racc (1.5.1)

PLATFORMS
  x86_64-linux

DEPENDENCIES
  concurrent-ruby
  down
  nokogiri

BUNDLED WITH
   2.2.24
